PATH
  remote: .
  specs:
    wgit (0.0.9)
      mongo (~> 2.6)
      nokogiri (~> 1.10)

GEM
  remote: https://rubygems.org/
  specs:
    bson (4.5.0)
    byebug (10.0.2)
    coderay (1.1.2)
    dotenv (2.7.2)
    httplog (1.3.0)
      rack (>= 1.0)
      rainbow (>= 2.0.0)
    method_source (0.9.2)
    mini_portile2 (2.4.0)
    minitest (5.11.3)
    mongo (2.8.0)
      bson (>= 4.4.2, < 5.0.0)
    nokogiri (1.10.3)
      mini_portile2 (~> 2.4.0)
    pry (0.12.2)
      coderay (~> 1.1.0)
      method_source (~> 0.9.0)
    rack (2.0.7)
    rainbow (3.0.0)
    rake (12.3.2)
    yard (0.9.19)

PLATFORMS
  ruby

DEPENDENCIES
  byebug (~> 10.0)
  dotenv (~> 2.5)
  httplog (~> 1.3)
  minitest (~> 5.11)
  pry (~> 0.12)
  rake (~> 12.3)
  wgit!
  yard (~> 0.9)

RUBY VERSION
   ruby 2.5.3p105

BUNDLED WITH
   2.0.1
