PATH
  remote: .
  specs:
    wgit (0.0.13)
      mongo (~> 2.9.0)
      nokogiri (~> 1.10.3)

GEM
  remote: https://rubygems.org/
  specs:
    addressable (2.6.0)
      public_suffix (>= 2.0.2, < 4.0)
    bson (4.5.0)
    byebug (10.0.2)
    coderay (1.1.2)
    crack (0.4.3)
      safe_yaml (~> 1.0.0)
    dotenv (2.7.2)
    hashdiff (0.4.0)
    httplog (1.3.0)
      rack (>= 1.0)
      rainbow (>= 2.0.0)
    method_source (0.9.2)
    mini_portile2 (2.4.0)
    minitest (5.11.3)
    mongo (2.9.0)
      bson (>= 4.4.2, < 5.0.0)
    nokogiri (1.10.3)
      mini_portile2 (~> 2.4.0)
    pry (0.12.2)
      coderay (~> 1.1.0)
      method_source (~> 0.9.0)
    public_suffix (3.1.0)
    rack (2.0.7)
    rainbow (3.0.0)
    rake (12.3.2)
    safe_yaml (1.0.5)
    webmock (3.6.0)
      addressable (>= 2.3.6)
      crack (>= 0.3.2)
      hashdiff (>= 0.4.0, < 2.0.0)
    yard (0.9.20)

PLATFORMS
  ruby

DEPENDENCIES
  byebug (~> 10.0)
  dotenv (~> 2.5)
  httplog (~> 1.3)
  minitest (~> 5.11)
  pry (~> 0.12)
  rack (~> 2.0)
  rake (~> 12.3)
  webmock (~> 3.6)
  wgit!
  yard (>= 0.9.20, < 1.0)

RUBY VERSION
   ruby 2.5.3p105

BUNDLED WITH
   2.0.1
