GEM
  remote: https://rubygems.org/
  specs:
    bson (4.1.1)
    byebug (9.0.5)
    coderay (1.1.1)
    method_source (0.8.2)
    mini_portile2 (2.1.0)
    minitest (5.9.0)
    mongo (2.2.5)
      bson (~> 4.0)
    nokogiri (1.6.8)
      mini_portile2 (~> 2.1.0)
      pkg-config (~> 1.1.7)
    pkg-config (1.1.7)
    pry (0.10.4)
      coderay (~> 1.1.0)
      method_source (~> 0.8.1)
      slop (~> 3.4)
    slop (3.6.0)
    yard (0.9.0)

PLATFORMS
  ruby

DEPENDENCIES
  byebug
  minitest (~> 5.9.0)
  mongo (~> 2.2.5)
  nokogiri (~> 1.6.8)
  pry
  yard

BUNDLED WITH
   1.15.1
