PATH
  remote: .
  specs:
    wgit (0.0.3)
      mongo
      nokogiri

GEM
  remote: https://rubygems.org/
  specs:
    bson (4.3.0)
    byebug (10.0.2)
    coderay (1.1.2)
    dotenv (2.5.0)
    method_source (0.9.2)
    mini_portile2 (2.4.0)
    minitest (5.11.3)
    mongo (2.6.2)
      bson (>= 4.3.0, < 5.0.0)
    nokogiri (1.10.0)
      mini_portile2 (~> 2.4.0)
    pry (0.12.2)
      coderay (~> 1.1.0)
      method_source (~> 0.9.0)
    rake (12.3.2)
    yard (0.9.16)

PLATFORMS
  ruby

DEPENDENCIES
  byebug
  dotenv
  minitest
  pry
  rake
  wgit!
  yard

RUBY VERSION
   ruby 2.5.3p105

BUNDLED WITH
   1.17.1
